PATH
  remote: .
  specs:
    wordpress-view_controller (0.0.0)
      borrower
      thor

GEM
  remote: https://rubygems.org/
  specs:
    borrower (0.8.1)
      net-ssh (~> 2.6.5)
    net-ssh (2.6.8)
    thor (0.19.1)

PLATFORMS
  ruby

DEPENDENCIES
  wordpress-view_controller!
