PATH
  remote: .
  specs:
    wordpress-view_controller (0.0.0)
      thor

GEM
  remote: https://rubygems.org/
  specs:
    thor (0.19.1)

PLATFORMS
  ruby

DEPENDENCIES
  wordpress-view_controller!
